NUGET
  remote: https://nuget.org/api/v2
  specs:
    Arachne.Core (2.3.23)
      FParsec (>= 1.0.1)
      FSharp.Core (>= 3.1.2.1)
    Arachne.Uri (2.3.23)
      Arachne.Core (>= 2.3.23)
      FParsec (>= 1.0.1)
      FSharp.Core (>= 3.1.2.1)
    Argu (1.0.0)
    FAKE (4.4.4)
    FParsec (1.0.1)
    FSharp.Collections.ParallelSeq (1.0.2)
    FSharp.Compiler.Service (0.0.90)
    FSharp.Control.AsyncSeq (2.0.1)
    FSharp.Core (4.0.0.1)
    FSharp.Data (3.0.0-beta4)
      FSharp.Core (>= 4.0.0.1) - restriction: >= net45
      FSharp.Core (>= 4.3.4) - restriction: && (< net45) (>= netstandard2.0)
    FSharp.Formatting (2.10.3)
      FSharp.Compiler.Service (>= 0.0.90 <= 1.3)
      FSharpVSPowerTools.Core (1.9.0)
    FSharp.RDF (1.1.92)
    FSharpVSPowerTools.Core (1.9.0)
      FSharp.Compiler.Service (>= 0.0.90)
    FSharpx.Async (1.12.0)
      FSharp.Control.AsyncSeq
    FsPickler (1.4.0)
    FsPickler.Json (1.4.0)
      FsPickler (1.4.0)
      Newtonsoft.Json (>= 6.0.5)
    Microsoft.Bcl (1.1.10)
      Microsoft.Bcl.Build (>= 1.0.14)
    Microsoft.Bcl.Build (1.0.21) - import_targets: false
    Microsoft.Net.Http (2.2.29)
      Microsoft.Bcl (>= 1.1.10)
      Microsoft.Bcl.Build (>= 1.0.14)
    Newtonsoft.Json (7.0.1)
    NUnit (2.6.4)
    NUnit.Runners (2.6.4)
    Octokit (0.16.0)
      Microsoft.Net.Http
    SourceLink.Fake (1.1.0)
    Zlib.Portable (1.11.0) - framework: portable-net40+sl50+wp80+win80
GITHUB
  remote: fsharp/FAKE
  specs:
    modules/Octokit/Octokit.fsx (35561a758d7a299e57832375cad11ad6213e70c8)
      Octokit